GEM
  specs:
    docile (1.3.2)
    simplecov (0.19.0)
      docile (~> 1.1)
      simplecov-html (~> 0.11)
    simplecov-html (0.12.2)

PLATFORMS
  ruby

DEPENDENCIES
  simplecov

BUNDLED WITH
   2.1.4
